GEM
  remote: http://rubygems.org/
  specs:
    dotenv (2.1.1)
    jwt (1.5.4)
    rack (1.6.4)
    rack-protection (1.5.3)
      rack
    sinatra (1.4.7)
      rack (~> 1.5)
      rack-protection (~> 1.4)
      tilt (>= 1.3, < 3)
    sinatra-cross_origin (0.3.2)
    tilt (2.0.5)

PLATFORMS
  ruby

DEPENDENCIES
  dotenv
  jwt (~> 1.5)
  sinatra (~> 1.4)
  sinatra-cross_origin (~> 0.3.2)

BUNDLED WITH
   1.12.5
